GEM
  remote: https://rubygems.org/
  specs:
    backports (3.6.7)
    bson (4.0.1)
    byebug (8.2.2)
    diff-lcs (1.2.5)
    kramdown (1.9.0)
    mongo (2.2.2)
      bson (~> 4.0)
    multi_json (1.11.2)
    rack (1.6.4)
    rack-protection (1.5.3)
      rack
    rack-test (0.6.3)
      rack (>= 1.0)
    rspec (3.4.0)
      rspec-core (~> 3.4.0)
      rspec-expectations (~> 3.4.0)
      rspec-mocks (~> 3.4.0)
    rspec-core (3.4.2)
      rspec-support (~> 3.4.0)
    rspec-expectations (3.4.0)
      diff-lcs (>= 1.2.0, < 2.0)
      rspec-support (~> 3.4.0)
    rspec-mocks (3.4.1)
      diff-lcs (>= 1.2.0, < 2.0)
      rspec-support (~> 3.4.0)
    rspec-support (3.4.1)
    sinatra (1.4.7)
      rack (~> 1.5)
      rack-protection (~> 1.4)
      tilt (>= 1.3, < 3)
    sinatra-contrib (1.4.6)
      backports (>= 2.0)
      multi_json
      rack-protection
      rack-test
      sinatra (~> 1.4.0)
      tilt (>= 1.3, < 3)
    sinatra-docdsl (0.8.6)
      kramdown
    tilt (2.0.2)

PLATFORMS
  ruby

DEPENDENCIES
  byebug
  mongo
  rack-test
  rspec
  sinatra
  sinatra-contrib
  sinatra-docdsl

BUNDLED WITH
   1.10.6
